GEM
  remote: http://rubygems.org/
  specs:
    addressable (2.4.0)
    faraday (0.9.2)
      multipart-post (>= 1.2, < 3)
    faraday-http-cache (1.3.0)
      faraday (~> 0.8)
    multipart-post (2.0.0)
    net-http-persistent (2.9.4)
    octokit (4.3.0)
      sawyer (~> 0.7.0, >= 0.5.3)
    sawyer (0.7.0)
      addressable (>= 2.3.5, < 2.5)
      faraday (~> 0.8, < 0.10)
    string-utility (3.0.0)

PLATFORMS
  ruby

DEPENDENCIES
  faraday-http-cache (~> 1.3)
  net-http-persistent (~> 2.9)
  octokit (~> 4.3)
  string-utility (~> 3.0)

RUBY VERSION
   ruby 2.4.1p111

BUNDLED WITH
   1.14.6
